GEM
  remote: http://rubygems.org/
  specs:
    ast (2.2.0)
    parser (2.3.0.7)
      ast (~> 2.2)
    powerpack (0.1.1)
    rainbow (2.1.0)
    rubocop (0.39.0)
      parser (>= 2.3.0.7, < 3.0)
      powerpack (~> 0.1)
      rainbow (>= 1.99.1, < 3.0)
      ruby-progressbar (~> 1.7)
      unicode-display_width (~> 1.0, >= 1.0.1)
    ruby-lint (2.1.0)
      parser (~> 2.2)
      slop (~> 3.4, >= 3.4.7)
    ruby-progressbar (1.7.5)
    slop (3.6.0)
    unicode-display_width (1.0.3)

PLATFORMS
  ruby

DEPENDENCIES
  rubocop
  ruby-lint

BUNDLED WITH
   1.11.2
